GEM
  remote: https://rubygems.org/
  specs:
    byebug (3.5.1)
      columnize (~> 0.8)
      debugger-linecache (~> 1.2)
      slop (~> 3.6)
    childprocess (0.5.5)
      ffi (~> 1.0, >= 1.0.11)
    columnize (0.8.9)
    debugger-linecache (1.2.0)
    faker (1.4.3)
      i18n (~> 0.5)
    ffi (1.9.6)
    firebase (0.2.3)
      httpclient
      json
    httpclient (2.6.0.1)
    i18n (0.6.11)
    json (1.8.1)
    multi_json (1.10.1)
    rubyzip (1.1.6)
    selenium-webdriver (2.44.0)
      childprocess (~> 0.5)
      multi_json (~> 1.0)
      rubyzip (~> 1.0)
      websocket (~> 1.0)
    slop (3.6.0)
    websocket (1.2.1)

PLATFORMS
  ruby

DEPENDENCIES
  byebug
  faker
  firebase
  selenium-webdriver
